GEM
  remote: http://rubygems.org/
  specs:
    rjb (1.3.5)

PLATFORMS
  ruby

DEPENDENCIES
  rjb
